GEM
  remote: https://rubygems.org/
  specs:
    RedCloth (4.2.9)
    addressable (2.5.2)
      public_suffix (>= 2.0.2, < 4.0)
    chunky_png (1.3.8)
    colorator (1.1.0)
    compass (0.12.7)
      chunky_png (~> 1.2)
      fssm (>= 0.2.7)
      sass (~> 3.2.19)
    concurrent-ruby (1.0.5)
    dimensions (1.3.0)
    em-websocket (0.5.1)
      eventmachine (>= 0.12.9)
      http_parser.rb (~> 0.6.0)
    eventmachine (1.2.5)
    exifr (1.3.4)
    ffi (1.9.18)
    ffi-compiler (1.0.1)
      ffi (>= 1.0.0)
      rake
    forwardable-extended (2.6.0)
    fspath (3.1.0)
    fssm (0.2.10)
    gsl (2.1.0.3)
    http_parser.rb (0.6.0)
    i18n (0.9.1)
      concurrent-ruby (~> 1.0)
    image_optim (0.26.1)
      exifr (~> 1.2, >= 1.2.2)
      fspath (~> 3.0)
      image_size (~> 1.5)
      in_threads (~> 1.3)
      progress (~> 3.0, >= 3.0.1)
    image_optim_pack (0.5.0.20180419)
      fspath (>= 2.1, < 4)
      image_optim (~> 0.19)
    image_size (1.5.0)
    in_threads (1.5.0)
    jekyll (3.7.0)
      addressable (~> 2.4)
      colorator (~> 1.0)
      em-websocket (~> 0.5)
      i18n (~> 0.7)
      jekyll-sass-converter (~> 1.0)
      jekyll-watch (~> 2.0)
      kramdown (~> 1.14)
      liquid (~> 4.0)
      mercenary (~> 0.3.3)
      pathutil (~> 0.9)
      rouge (>= 1.7, < 4)
      safe_yaml (~> 1.0)
    jekyll-date-format (1.0.1)
      jekyll (>= 1.0.0)
    jekyll-page-hooks (1.3.1)
      jekyll (>= 2.0.0)
    jekyll-paginate (1.1.0)
    jekyll-sass-converter (1.3.0)
      sass (~> 3.2)
    jekyll-sitemap (1.1.1)
      jekyll (~> 3.3)
    jekyll-watch (2.0.0)
      listen (~> 3.0)
    kramdown (1.16.2)
    liquid (4.0.0)
    listen (3.1.5)
      rb-fsevent (~> 0.9, >= 0.9.4)
      rb-inotify (~> 0.9, >= 0.9.7)
      ruby_dep (~> 1.2)
    mercenary (0.3.6)
    pathutil (0.16.1)
      forwardable-extended (~> 2.6)
    progress (3.4.0)
    public_suffix (3.0.1)
    rake (12.3.0)
    rb-fsevent (0.10.2)
    rb-gsl (1.16.0.6)
      gsl
    rb-inotify (0.9.10)
      ffi (>= 0.5.0, < 2)
    rdiscount (2.2.0.1)
    redcarpet (3.4.0)
    rmagick (2.16.0)
    rouge (3.1.0)
    ruby_dep (1.5.0)
    rubypants (0.2.0)
    safe_yaml (1.0.4)
    sass (3.2.19)
    sass-globbing (1.0.0)
      sass (>= 3.1)
    stringex (1.4.0)
    webp-ffi (0.2.5)
      ffi (>= 1.9.0)
      ffi-compiler (>= 0.1.2)

PLATFORMS
  ruby

DEPENDENCIES
  RedCloth (~> 4.2.9)
  compass (~> 0.12.2)
  dimensions (~> 1.3)
  image_optim
  image_optim_pack
  jekyll
  jekyll-date-format
  jekyll-page-hooks
  jekyll-paginate
  jekyll-sitemap
  rake
  rb-fsevent (~> 0.9)
  rb-gsl
  rdiscount (~> 2.0)
  redcarpet
  rmagick
  rubypants (~> 0.2.0)
  sass-globbing (~> 1.0.0)
  stringex (~> 1.4.0)
  webp-ffi

BUNDLED WITH
   1.16.0
