GEM
  remote: https://rubygems.org/
  specs:
    RedCloth (4.3.2)
    addressable (2.8.1)
      public_suffix (>= 2.0.2, < 6.0)
    chunky_png (1.4.0)
    colorator (1.1.0)
    compass (0.12.7)
      chunky_png (~> 1.2)
      fssm (>= 0.2.7)
      sass (~> 3.2.19)
    concurrent-ruby (1.1.8)
    dimensions (1.3.0)
    em-websocket (0.5.2)
      eventmachine (>= 0.12.9)
      http_parser.rb (~> 0.6.0)
    eventmachine (1.2.7)
    exifr (1.3.9)
    ffi (1.14.2)
    ffi-compiler (1.0.1)
      ffi (>= 1.0.0)
      rake
    forwardable-extended (2.6.0)
    fspath (3.1.2)
    fssm (0.2.10)
    gsl (2.1.0.3)
    http_parser.rb (0.6.0)
    i18n (1.8.9)
      concurrent-ruby (~> 1.0)
    image_optim (0.28.0)
      exifr (~> 1.2, >= 1.2.2)
      fspath (~> 3.0)
      image_size (>= 1.5, < 3)
      in_threads (~> 1.3)
      progress (~> 3.0, >= 3.0.1)
    image_optim_pack (0.7.0.20210206)
      fspath (>= 2.1, < 4)
      image_optim (~> 0.19)
    image_size (2.1.0)
    in_threads (1.5.4)
    jekyll (4.2.0)
      addressable (~> 2.4)
      colorator (~> 1.0)
      em-websocket (~> 0.5)
      i18n (~> 1.0)
      jekyll-sass-converter (~> 2.0)
      jekyll-watch (~> 2.0)
      kramdown (~> 2.3)
      kramdown-parser-gfm (~> 1.0)
      liquid (~> 4.0)
      mercenary (~> 0.4.0)
      pathutil (~> 0.9)
      rouge (~> 3.0)
      safe_yaml (~> 1.0)
      terminal-table (~> 2.0)
    jekyll-date-format (1.0.1)
      jekyll (>= 1.0.0)
    jekyll-page-hooks (1.3.1)
      jekyll (>= 2.0.0)
    jekyll-paginate (1.1.0)
    jekyll-sass-converter (2.1.0)
      sassc (> 2.0.1, < 3.0)
    jekyll-sitemap (1.4.0)
      jekyll (>= 3.7, < 5.0)
    jekyll-watch (2.2.1)
      listen (~> 3.0)
    kramdown (2.3.0)
      rexml
    kramdown-parser-gfm (1.1.0)
      kramdown (~> 2.0)
    liquid (4.0.3)
    listen (3.4.1)
      rb-fsevent (~> 0.10, >= 0.10.3)
      rb-inotify (~> 0.9, >= 0.9.10)
    mercenary (0.4.0)
    pathutil (0.16.2)
      forwardable-extended (~> 2.6)
    progress (3.5.2)
    public_suffix (5.0.0)
    rake (13.0.3)
    rb-fsevent (0.10.4)
    rb-gsl (1.16.0.6)
      gsl
    rb-inotify (0.10.1)
      ffi (~> 1.0)
    rdiscount (2.2.0.2)
    redcarpet (3.5.1)
    rexml (3.2.4)
    rmagick (4.2.1)
    rouge (3.26.0)
    rubypants (0.2.0)
    safe_yaml (1.0.5)
    sass (3.2.19)
    sass-globbing (1.0.0)
      sass (>= 3.1)
    sassc (2.4.0)
      ffi (~> 1.9)
    stringex (1.4.0)
    terminal-table (2.0.0)
      unicode-display_width (~> 1.1, >= 1.1.1)
    unicode-display_width (1.7.0)
    webp-ffi (0.3.1)
      ffi (>= 1.9.0)
      ffi-compiler (>= 0.1.2)

PLATFORMS
  ruby

DEPENDENCIES
  RedCloth (~> 4.3.0)
  compass (~> 0.12.2)
  dimensions (~> 1.3)
  image_optim
  image_optim_pack
  jekyll
  jekyll-date-format
  jekyll-page-hooks
  jekyll-paginate
  jekyll-sitemap
  rake
  rb-fsevent (~> 0.9)
  rb-gsl
  rdiscount (~> 2.0)
  redcarpet
  rmagick
  rubypants (~> 0.2.0)
  sass-globbing (~> 1.0.0)
  stringex (~> 1.4.0)
  webp-ffi

BUNDLED WITH
   2.2.11
